GIT
  remote: https://github.com/rsmp-nordic/rsmp.git
  revision: 3fa1cede23f17651539e35ae392e8369b5e62b0b
  ref: 3fa1ced
  submodules: true
  specs:
    rsmp (0.1.24)
      async (~> 1.28.7)
      async-io (~> 1.30.2)
      colorize (~> 0.8.1)
      json_schemer (~> 0.2.17)
      thor (~> 1.0.1)

GEM
  remote: https://rubygems.org/
  specs:
    activesupport (6.1.1)
      concurrent-ruby (~> 1.0, >= 1.0.2)
      i18n (>= 1.6, < 2)
      minitest (>= 5.1)
      tzinfo (~> 2.0)
      zeitwerk (~> 2.3)
    async (1.28.7)
      console (~> 1.10)
      nio4r (~> 2.3)
      timers (~> 4.1)
    async-io (1.30.2)
      async (~> 1.14)
    colorize (0.8.1)
    concurrent-ruby (1.1.7)
    console (1.10.1)
      fiber-local
    diff-lcs (1.4.4)
    ecma-re-validator (0.3.0)
      regexp_parser (~> 2.0)
    fiber-local (1.0.0)
    hana (1.3.7)
    i18n (1.8.7)
      concurrent-ruby (~> 1.0)
    json_schemer (0.2.17)
      ecma-re-validator (~> 0.3)
      hana (~> 1.3)
      regexp_parser (~> 2.0)
      uri_template (~> 0.7)
    minitest (5.14.3)
    nio4r (2.5.5)
    regexp_parser (2.0.3)
    rspec (3.10.0)
      rspec-core (~> 3.10.0)
      rspec-expectations (~> 3.10.0)
      rspec-mocks (~> 3.10.0)
    rspec-core (3.10.1)
      rspec-support (~> 3.10.0)
    rspec-expectations (3.10.1)
      diff-lcs (>= 1.2.0, < 2.0)
      rspec-support (~> 3.10.0)
    rspec-mocks (3.10.1)
      diff-lcs (>= 1.2.0, < 2.0)
      rspec-support (~> 3.10.0)
    rspec-support (3.10.1)
    thor (1.0.1)
    timers (4.3.2)
    tzinfo (2.0.4)
      concurrent-ruby (~> 1.0)
    uri_template (0.7.0)
    zeitwerk (2.4.2)

PLATFORMS
  ruby

DEPENDENCIES
  activesupport
  rsmp!
  rspec

BUNDLED WITH
   2.2.3
