GIT
  remote: https://github.com/rsmp-nordic/rsmp.git
  revision: c6958824b77380cc3c39f267c568e2a9ef3ee8ba
  ref: c6958824b77380
  submodules: true
  specs:
    rsmp (0.1.17)
      async (~> 1.23.0)
      async-io (~> 1.27.4)
      colorize (~> 0.8.1)
      json_schemer (~> 0.2.11)
      thor (~> 1.0.1)

GEM
  remote: https://rubygems.org/
  specs:
    async (1.23.0)
      console (~> 1.0)
      nio4r (~> 2.3)
      timers (~> 4.1)
    async-io (1.27.5)
      async (~> 1.14)
    colorize (0.8.1)
    console (1.8.2)
    diff-lcs (1.3)
    ecma-re-validator (0.2.0)
      regexp_parser (~> 1.2)
    hana (1.3.5)
    json_schemer (0.2.11)
      ecma-re-validator (~> 0.2)
      hana (~> 1.3)
      regexp_parser (~> 1.5)
      uri_template (~> 0.7)
    nio4r (2.5.2)
    regexp_parser (1.7.0)
    rspec (3.8.0)
      rspec-core (~> 3.8.0)
      rspec-expectations (~> 3.8.0)
      rspec-mocks (~> 3.8.0)
    rspec-core (3.8.2)
      rspec-support (~> 3.8.0)
    rspec-expectations (3.8.4)
      diff-lcs (>= 1.2.0, < 2.0)
      rspec-support (~> 3.8.0)
    rspec-mocks (3.8.1)
      diff-lcs (>= 1.2.0, < 2.0)
      rspec-support (~> 3.8.0)
    rspec-support (3.8.2)
    thor (1.0.1)
    timers (4.3.0)
    uri_template (0.7.0)

PLATFORMS
  ruby

DEPENDENCIES
  rsmp!
  rspec

BUNDLED WITH
   2.1.4
