GEM
  remote: https://rubygems.org/
  specs:
    async (1.23.0)
      console (~> 1.0)
      nio4r (~> 2.3)
      timers (~> 4.1)
    async-io (1.27.1)
      async (~> 1.14)
    colorize (0.8.1)
    console (1.6.0)
    diff-lcs (1.3)
    ecma-re-validator (0.2.0)
      regexp_parser (~> 1.2)
    hana (1.3.5)
    json_schemer (0.2.8)
      ecma-re-validator (~> 0.2)
      hana (~> 1.3)
      regexp_parser (~> 1.5)
      uri_template (~> 0.7)
    nio4r (2.5.2)
    regexp_parser (1.6.0)
    rsmp (0.1.11)
      async (~> 1.23.0)
      async-io (~> 1.27.1)
      colorize (~> 0.8.1)
      json_schemer (~> 0.2.8)
      thor (~> 0.20.3)
    rspec (3.8.0)
      rspec-core (~> 3.8.0)
      rspec-expectations (~> 3.8.0)
      rspec-mocks (~> 3.8.0)
    rspec-core (3.8.2)
      rspec-support (~> 3.8.0)
    rspec-expectations (3.8.4)
      diff-lcs (>= 1.2.0, < 2.0)
      rspec-support (~> 3.8.0)
    rspec-mocks (3.8.1)
      diff-lcs (>= 1.2.0, < 2.0)
      rspec-support (~> 3.8.0)
    rspec-support (3.8.2)
    thor (0.20.3)
    timers (4.3.0)
    uri_template (0.7.0)

PLATFORMS
  ruby

DEPENDENCIES
  rsmp (~> 0.1.11)
  rspec

BUNDLED WITH
   2.1.0.pre.2
