GEM
  remote: https://rubygems.org/
  specs:
    activesupport (7.1.3.2)
      base64
      bigdecimal
      concurrent-ruby (~> 1.0, >= 1.0.2)
      connection_pool (>= 2.2.5)
      drb
      i18n (>= 1.6, < 2)
      minitest (>= 5.1)
      mutex_m
      tzinfo (~> 2.0)
    async (2.10.1)
      console (~> 1.10)
      fiber-annotation
      io-event (~> 1.5, >= 1.5.1)
      timers (~> 4.1)
    async-io (1.42.0)
      async
    base64 (0.2.0)
    bigdecimal (3.1.7)
    colorize (1.1.0)
    concurrent-ruby (1.2.3)
    connection_pool (2.4.1)
    console (1.23.6)
      fiber-annotation
      fiber-local
      json
    diff-lcs (1.5.1)
    drb (2.2.1)
    fiber-annotation (0.2.0)
    fiber-local (1.0.0)
    hana (1.3.7)
    i18n (1.14.4)
      concurrent-ruby (~> 1.0)
    io-event (1.5.1)
    json (2.7.1)
    json_schemer (2.1.1)
      hana (~> 1.3)
      regexp_parser (~> 2.0)
      simpleidn (~> 0.2)
    minitest (5.22.3)
    mutex_m (0.2.0)
    rake (13.2.0)
    regexp_parser (2.9.0)
    rsmp (0.27.1)
      async (~> 2.10.0)
      async-io (~> 1.42.0)
      colorize (~> 1.1)
      rsmp_schema (~> 0.5.3)
    rsmp_schema (0.5.3)
      json_schemer (~> 2.1.0)
      thor (~> 1.3.0)
    rspec (3.13.0)
      rspec-core (~> 3.13.0)
      rspec-expectations (~> 3.13.0)
      rspec-mocks (~> 3.13.0)
    rspec-core (3.13.0)
      rspec-support (~> 3.13.0)
    rspec-expectations (3.13.0)
      diff-lcs (>= 1.2.0, < 2.0)
      rspec-support (~> 3.13.0)
    rspec-mocks (3.13.0)
      diff-lcs (>= 1.2.0, < 2.0)
      rspec-support (~> 3.13.0)
    rspec-support (3.13.1)
    simpleidn (0.2.1)
      unf (~> 0.1.4)
    thor (1.3.1)
    timers (4.3.5)
    tzinfo (2.0.6)
      concurrent-ruby (~> 1.0)
    unf (0.1.4)
      unf_ext
    unf_ext (0.0.9.1)
    unf_ext (0.0.9.1-x64-mingw-ucrt)
    yard (0.9.36)

PLATFORMS
  arm64-darwin-22
  arm64-darwin-23
  x64-mingw-ucrt
  x64-mingw32
  x86_64-darwin-20
  x86_64-darwin-21
  x86_64-darwin-22
  x86_64-linux

DEPENDENCIES
  activesupport
  rake
  rsmp
  rspec
  yard

BUNDLED WITH
   2.5.7
