GIT
  remote: https://github.com/rsmp-nordic/rsmp.git
  revision: e09f0902bb5319c4502099d132e18fd91a0f7004
  tag: v0.1.21
  submodules: true
  specs:
    rsmp (0.1.21)
      async (~> 1.28.3)
      async-io (~> 1.30.1)
      colorize (~> 0.8.1)
      json_schemer (~> 0.2.17)
      thor (~> 1.0.1)

GEM
  remote: https://rubygems.org/
  specs:
    async (1.28.3)
      console (~> 1.10)
      nio4r (~> 2.3)
      timers (~> 4.1)
    async-io (1.30.1)
      async (~> 1.14)
    colorize (0.8.1)
    console (1.10.1)
      fiber-local
    diff-lcs (1.4.4)
    ecma-re-validator (0.3.0)
      regexp_parser (~> 2.0)
    fiber-local (1.0.0)
    hana (1.3.7)
    json_schemer (0.2.17)
      ecma-re-validator (~> 0.3)
      hana (~> 1.3)
      regexp_parser (~> 2.0)
      uri_template (~> 0.7)
    nio4r (2.5.4)
    regexp_parser (2.0.3)
    rspec (3.10.0)
      rspec-core (~> 3.10.0)
      rspec-expectations (~> 3.10.0)
      rspec-mocks (~> 3.10.0)
    rspec-core (3.10.1)
      rspec-support (~> 3.10.0)
    rspec-expectations (3.10.1)
      diff-lcs (>= 1.2.0, < 2.0)
      rspec-support (~> 3.10.0)
    rspec-mocks (3.10.1)
      diff-lcs (>= 1.2.0, < 2.0)
      rspec-support (~> 3.10.0)
    rspec-support (3.10.1)
    thor (1.0.1)
    timers (4.3.2)
    uri_template (0.7.0)

PLATFORMS
  ruby

DEPENDENCIES
  rsmp!
  rspec

BUNDLED WITH
   2.2.3
