GIT
  remote: /Users/emiltin/Documents/code/rsmp
  revision: 90165f4a4955d12d170e266d21a885339a300ab9
  branch: master
  specs:
    rsmp (0.1.0)
      async (~> 1.20.1)
      async-io (~> 1.24.0)
      colorize (~> 0.8.1)
      thor

GEM
  remote: https://rubygems.org/
  specs:
    async (1.20.1)
      console (~> 1.0)
      nio4r (~> 2.3)
      timers (~> 4.1)
    async-io (1.24.0)
      async (~> 1.14)
    colorize (0.8.1)
    console (1.4.0)
    diff-lcs (1.3)
    nio4r (2.4.0)
    rspec (3.8.0)
      rspec-core (~> 3.8.0)
      rspec-expectations (~> 3.8.0)
      rspec-mocks (~> 3.8.0)
    rspec-core (3.8.2)
      rspec-support (~> 3.8.0)
    rspec-expectations (3.8.4)
      diff-lcs (>= 1.2.0, < 2.0)
      rspec-support (~> 3.8.0)
    rspec-mocks (3.8.1)
      diff-lcs (>= 1.2.0, < 2.0)
      rspec-support (~> 3.8.0)
    rspec-support (3.8.2)
    thor (0.20.3)
    timers (4.3.0)

PLATFORMS
  ruby

DEPENDENCIES
  rsmp!
  rspec

BUNDLED WITH
   2.0.2
