GEM
  remote: https://rubygems.org/
  specs:
    activesupport (7.1.3.4)
      base64
      bigdecimal
      concurrent-ruby (~> 1.0, >= 1.0.2)
      connection_pool (>= 2.2.5)
      drb
      i18n (>= 1.6, < 2)
      minitest (>= 5.1)
      mutex_m
      tzinfo (~> 2.0)
    async (2.12.1)
      console (~> 1.25, >= 1.25.2)
      fiber-annotation
      io-event (~> 1.6, >= 1.6.5)
    async-io (1.43.2)
      async
    base64 (0.2.0)
    bigdecimal (3.1.8)
    colorize (1.1.0)
    concurrent-ruby (1.3.3)
    connection_pool (2.4.1)
    console (1.27.0)
      fiber-annotation
      fiber-local (~> 1.1)
      json
    diff-lcs (1.5.1)
    drb (2.2.1)
    fiber-annotation (0.2.0)
    fiber-local (1.1.0)
      fiber-storage
    fiber-storage (1.0.0)
    hana (1.3.7)
    i18n (1.14.5)
      concurrent-ruby (~> 1.0)
    io-event (1.6.5)
    json (2.7.2)
    json_schemer (2.3.0)
      bigdecimal
      hana (~> 1.3)
      regexp_parser (~> 2.0)
      simpleidn (~> 0.2)
    minitest (5.23.1)
    mutex_m (0.2.0)
    rake (13.2.1)
    regexp_parser (2.9.2)
    rsmp (0.31.0)
      async (~> 2.12.0)
      async-io (~> 1.43.0)
      colorize (~> 1.1)
      rsmp_schema (~> 0.7.0)
    rsmp_schema (0.7.0)
      json_schemer (~> 2.3.0)
      thor (~> 1.3.1)
    rspec (3.13.0)
      rspec-core (~> 3.13.0)
      rspec-expectations (~> 3.13.0)
      rspec-mocks (~> 3.13.0)
    rspec-core (3.13.0)
      rspec-support (~> 3.13.0)
    rspec-expectations (3.13.0)
      diff-lcs (>= 1.2.0, < 2.0)
      rspec-support (~> 3.13.0)
    rspec-mocks (3.13.1)
      diff-lcs (>= 1.2.0, < 2.0)
      rspec-support (~> 3.13.0)
    rspec-support (3.13.1)
    simpleidn (0.2.3)
    thor (1.3.1)
    tzinfo (2.0.6)
      concurrent-ruby (~> 1.0)
    yard (0.9.36)

PLATFORMS
  arm64-darwin-22
  arm64-darwin-23
  x64-mingw-ucrt
  x64-mingw32
  x86_64-darwin-20
  x86_64-darwin-21
  x86_64-darwin-22
  x86_64-linux

DEPENDENCIES
  activesupport
  rake
  rsmp
  rspec
  yard

BUNDLED WITH
   2.5.7
