GEM
  remote: https://rubygems.org/
  specs:
    activesupport (7.0.4.3)
      concurrent-ruby (~> 1.0, >= 1.0.2)
      i18n (>= 1.6, < 2)
      minitest (>= 5.1)
      tzinfo (~> 2.0)
    async (1.30.3)
      console (~> 1.10)
      nio4r (~> 2.3)
      timers (~> 4.1)
    async-io (1.33.0)
      async
    colorize (0.8.1)
    concurrent-ruby (1.2.2)
    console (1.16.2)
      fiber-local
    diff-lcs (1.5.0)
    ecma-re-validator (0.4.0)
      regexp_parser (~> 2.2)
    fiber-local (1.0.0)
    hana (1.3.7)
    i18n (1.12.0)
      concurrent-ruby (~> 1.0)
    json_schemer (0.2.24)
      ecma-re-validator (~> 0.3)
      hana (~> 1.3)
      regexp_parser (~> 2.0)
      uri_template (~> 0.7)
    minitest (5.18.0)
    nio4r (2.5.8)
    rake (13.0.6)
    regexp_parser (2.7.0)
    rsmp (0.16.9)
      async (~> 1.30.3)
      async-io (~> 1.33.0)
      colorize (~> 0.8.1)
      rsmp_schema (~> 0.4.0)
      thor (~> 1.2.1)
    rsmp_schema (0.4.0)
      json_schemer (~> 0.2.21)
      thor (~> 1.2.1)
    rspec (3.12.0)
      rspec-core (~> 3.12.0)
      rspec-expectations (~> 3.12.0)
      rspec-mocks (~> 3.12.0)
    rspec-core (3.12.1)
      rspec-support (~> 3.12.0)
    rspec-expectations (3.12.2)
      diff-lcs (>= 1.2.0, < 2.0)
      rspec-support (~> 3.12.0)
    rspec-mocks (3.12.4)
      diff-lcs (>= 1.2.0, < 2.0)
      rspec-support (~> 3.12.0)
    rspec-support (3.12.0)
    thor (1.2.1)
    timers (4.3.5)
    tzinfo (2.0.6)
      concurrent-ruby (~> 1.0)
    uri_template (0.7.0)
    webrick (1.7.0)
    yard (0.9.28)
      webrick (~> 1.7.0)

PLATFORMS
  x64-mingw-ucrt
  x64-mingw32
  x86_64-darwin-19
  x86_64-darwin-20
  x86_64-darwin-21
  x86_64-linux

DEPENDENCIES
  activesupport
  rake
  rsmp
  rspec
  yard

BUNDLED WITH
   2.3.19
